GEM
  remote: https://rubygems.org/
  specs:
    rake (12.3.1)
    thor (0.20.0)

PLATFORMS
  ruby

DEPENDENCIES
  rake
  thor

BUNDLED WITH
   1.16.5
